GEM
  remote: https://rubygems.org/
  specs:
    actionmailer (3.2.3)
      actionpack (= 3.2.3)
      mail (~> 2.4.4)
    actionpack (3.2.3)
      activemodel (= 3.2.3)
      activesupport (= 3.2.3)
      builder (~> 3.0.0)
      erubis (~> 2.7.0)
      journey (~> 1.0.1)
      rack (~> 1.4.0)
      rack-cache (~> 1.2)
      rack-test (~> 0.6.1)
      sprockets (~> 2.1.2)
    activemodel (3.2.3)
      activesupport (= 3.2.3)
      builder (~> 3.0.0)
    activerecord (3.2.3)
      activemodel (= 3.2.3)
      activesupport (= 3.2.3)
      arel (~> 3.0.2)
      tzinfo (~> 0.3.29)
    activeresource (3.2.3)
      activemodel (= 3.2.3)
      activesupport (= 3.2.3)
    activesupport (3.2.3)
      i18n (~> 0.6)
      multi_json (~> 1.0)
    addressable (2.3.2)
    arel (3.0.2)
    backbone-on-rails (0.9.2.0)
      eco (~> 1.0.0)
      ejs (~> 1.0.0)
      jquery-rails
      railties (>= 3.1)
    bcrypt-ruby (3.0.1)
    bootstrap-sass (2.0.3.1)
    builder (3.0.0)
    cancan (1.6.7)
    capybara (1.1.2)
      mime-types (>= 1.16)
      nokogiri (>= 1.3.3)
      rack (>= 1.0.0)
      rack-test (>= 0.5.4)
      selenium-webdriver (~> 2.0)
      xpath (~> 0.1.4)
    childprocess (0.3.4)
      ffi (~> 1.0, >= 1.0.6)
    chosen-rails (0.9.8)
      railties (~> 3.0)
      thor (~> 0.14)
    chunky_png (1.2.5)
    coderay (1.0.7)
    coffee-rails (3.2.2)
      coffee-script (>= 2.2.0)
      railties (~> 3.2.0)
    coffee-script (2.2.0)
      coffee-script-source
      execjs
    coffee-script-source (1.3.3)
    columnize (0.3.6)
    compass (0.12.1)
      chunky_png (~> 1.2)
      fssm (>= 0.2.7)
      sass (~> 3.1)
    compass-rails (1.0.2)
      compass (>= 0.12.0, < 0.14)
    cucumber (1.2.1)
      builder (>= 2.1.2)
      diff-lcs (>= 1.1.3)
      gherkin (~> 2.11.0)
      json (>= 1.4.6)
    cucumber-rails (1.3.0)
      capybara (>= 1.1.2)
      cucumber (>= 1.1.8)
      nokogiri (>= 1.5.0)
    database_cleaner (0.8.0)
    debugger (1.1.3)
      columnize (>= 0.3.1)
      debugger-linecache (~> 1.1.1)
      debugger-ruby_core_source (~> 1.1.2)
    debugger-linecache (1.1.1)
      debugger-ruby_core_source (>= 1.1.1)
    debugger-ruby_core_source (1.1.3)
    devise (2.1.0)
      bcrypt-ruby (~> 3.0)
      orm_adapter (~> 0.0.7)
      railties (~> 3.1)
      warden (~> 1.1.1)
    diff-lcs (1.1.3)
    eco (1.0.0)
      coffee-script
      eco-source
      execjs
    eco-source (1.1.0.rc.1)
    ejs (1.0.0)
    erubis (2.7.0)
    eventmachine (0.12.10)
    execjs (1.4.0)
      multi_json (~> 1.0)
    fabrication (2.2.0)
    faye-websocket (0.4.6)
      eventmachine (>= 0.12.0)
    ffi (1.1.2)
    fssm (0.2.9)
    gherkin (2.11.1)
      json (>= 1.4.6)
    haml (3.1.6)
    haml-rails (0.3.4)
      actionpack (~> 3.0)
      activesupport (~> 3.0)
      haml (~> 3.0)
      railties (~> 3.0)
    haml_coffee_assets (0.9.4)
      execjs (>= 1.2.9)
      sprockets (>= 2.0.3)
      tilt (>= 1.3.3)
    hike (1.2.1)
    http_parser.rb (0.5.3)
    i18n (0.6.0)
    journey (1.0.3)
    jquery-rails (2.0.2)
      railties (>= 3.2.0, < 5.0)
      thor (~> 0.14)
    jquery-ui-rails (1.0.0)
      jquery-rails
      railties (>= 3.1.0)
    json (1.7.3)
    launchy (2.1.1)
      addressable (~> 2.3)
    libwebsocket (0.1.5)
      addressable
    mail (2.4.4)
      i18n (>= 0.4.0)
      mime-types (~> 1.16)
      treetop (~> 1.4.8)
    method_source (0.8)
    mime-types (1.18)
    multi_json (1.3.6)
    nokogiri (1.5.5)
    orm_adapter (0.0.7)
    poltergeist (0.7.0)
      capybara (~> 1.1)
      childprocess (~> 0.3)
      faye-websocket (~> 0.4, >= 0.4.4)
      http_parser.rb (~> 0.5.3)
      multi_json (~> 1.0)
    polyglot (0.3.3)
    pry (0.9.10)
      coderay (~> 1.0.5)
      method_source (~> 0.8)
      slop (~> 3.3.1)
    rack (1.4.1)
    rack-cache (1.2)
      rack (>= 0.4)
    rack-ssl (1.3.2)
      rack
    rack-test (0.6.1)
      rack (>= 1.0)
    rails (3.2.3)
      actionmailer (= 3.2.3)
      actionpack (= 3.2.3)
      activerecord (= 3.2.3)
      activeresource (= 3.2.3)
      activesupport (= 3.2.3)
      bundler (~> 1.0)
      railties (= 3.2.3)
    railties (3.2.3)
      actionpack (= 3.2.3)
      activesupport (= 3.2.3)
      rack-ssl (~> 1.3.2)
      rake (>= 0.8.7)
      rdoc (~> 3.4)
      thor (~> 0.14.6)
    rake (0.9.2.2)
    rdoc (3.12)
      json (~> 1.4)
    rspec (2.10.0)
      rspec-core (~> 2.10.0)
      rspec-expectations (~> 2.10.0)
      rspec-mocks (~> 2.10.0)
    rspec-core (2.10.1)
    rspec-expectations (2.10.0)
      diff-lcs (~> 1.1.3)
    rspec-mocks (2.10.1)
    rspec-rails (2.10.1)
      actionpack (>= 3.0)
      activesupport (>= 3.0)
      railties (>= 3.0)
      rspec (~> 2.10.0)
    rubyzip (0.9.9)
    sass (3.1.19)
    sass-rails (3.2.5)
      railties (~> 3.2.0)
      sass (>= 3.1.10)
      tilt (~> 1.3)
    selenium-webdriver (2.25.0)
      childprocess (>= 0.2.5)
      libwebsocket (~> 0.1.3)
      multi_json (~> 1.0)
      rubyzip
    shoulda-matchers (1.2.0)
      activesupport (>= 3.0.0)
    simple_form (2.0.2)
      actionpack (~> 3.0)
      activemodel (~> 3.0)
    slop (3.3.2)
    spork (1.0.0rc3)
    spork-rails (3.2.0)
      rails (>= 3.0.0, < 3.3.0)
      spork (>= 1.0rc0)
    sprockets (2.1.3)
      hike (~> 1.2)
      rack (~> 1.0)
      tilt (~> 1.1, != 1.3.0)
    sqlite3 (1.3.6)
    thor (0.14.6)
    tilt (1.3.3)
    treetop (1.4.10)
      polyglot
      polyglot (>= 0.3.1)
    tzinfo (0.3.33)
    uglifier (1.2.4)
      execjs (>= 0.3.0)
      multi_json (>= 1.0.2)
    warden (1.1.1)
      rack (>= 1.0)
    xpath (0.1.4)
      nokogiri (~> 1.3)

PLATFORMS
  ruby

DEPENDENCIES
  backbone-on-rails
  bootstrap-sass
  cancan
  capybara
  chosen-rails
  coffee-rails (~> 3.2.1)
  compass-rails
  cucumber-rails
  database_cleaner
  debugger
  devise
  execjs
  fabrication
  haml-rails
  haml_coffee_assets
  jquery-rails
  jquery-ui-rails
  launchy
  poltergeist
  pry
  rails (= 3.2.3)
  rspec-rails
  sass-rails (~> 3.2.3)
  shoulda-matchers
  simple_form
  spork-rails
  sqlite3
  uglifier (>= 1.0.3)
